GEM
  remote: http://rubygems.org/
  remote: http://geminabox.voxeolabs.com/
  specs:
    blather (0.4.16)
      eventmachine (~> 0.12.6)
      nokogiri (~> 1.4.0)
    coderay (0.9.8)
    diff-lcs (1.1.2)
    eventmachine (0.12.10)
    git (1.2.5)
    jeweler (1.5.2)
      bundler (~> 1.0.0)
      git (>= 1.2.5)
      rake
    method_source (0.4.1)
      ruby_parser (>= 2.0.5)
    nokogiri (1.4.4)
    pry (0.8.3)
      coderay (>= 0.9.7)
      method_source (>= 0.4.0)
      ruby_parser (>= 2.0.5)
      slop (>= 1.5.3)
    punchblock (0.1.0)
      blather (>= 0.4.16)
      pry (>= 0.8.3)
    rake (0.9.0)
    rcov (0.9.9)
    rspec (2.3.0)
      rspec-core (~> 2.3.0)
      rspec-expectations (~> 2.3.0)
      rspec-mocks (~> 2.3.0)
    rspec-core (2.3.1)
    rspec-expectations (2.3.0)
      diff-lcs (~> 1.1.2)
    rspec-mocks (2.3.0)
    ruby_parser (2.0.6)
      sexp_processor (~> 3.0)
    sexp_processor (3.0.5)
    slop (1.6.0)
    yard (0.6.8)

PLATFORMS
  ruby

DEPENDENCIES
  bundler (~> 1.0.0)
  jeweler (~> 1.5.2)
  punchblock
  rcov
  rspec (~> 2.3.0)
  yard (~> 0.6.0)
